PATH
  remote: .
  specs:
    d2hero (0.0.1)
      bindata

GEM
  remote: http://rubygems.org/
  specs:
    bindata (1.3.1)
    diff-lcs (1.1.2)
    rspec (2.6.0)
      rspec-core (~> 2.6.0)
      rspec-expectations (~> 2.6.0)
      rspec-mocks (~> 2.6.0)
    rspec-core (2.6.3)
    rspec-expectations (2.6.0)
      diff-lcs (~> 1.1.2)
    rspec-mocks (2.6.0)

PLATFORMS
  ruby

DEPENDENCIES
  d2hero!
  rspec (~> 2.6)
